GEM
  remote: https://rubygems.org/
  specs:
    rspec-support (3.10.2)

PLATFORMS
  x86_64-darwin-19

DEPENDENCIES
  rspec-support (= 3.10.2)

BUNDLED WITH
   2.2.30
